GIT
  remote: git://github.com/vaadin-miki/vaadin-elements.git
  revision: 4197457391b1f313fa74397d021ce7fc08aca150
  branch: development
  specs:
    vaadin-elements (0.3.0)

GEM
  remote: https://rubygems.org/
  specs:
    rack (1.6.4)
    rack-protection (1.5.3)
      rack
    sinatra (1.4.7)
      rack (~> 1.5)
      rack-protection (~> 1.4)
      tilt (>= 1.3, < 3)
    tilt (2.0.2)

PLATFORMS
  x64-mingw32

DEPENDENCIES
  sinatra
  vaadin-elements!

BUNDLED WITH
   1.11.2
