GIT
  remote: git://github.com/vaadin-miki/vaadin-elements.git
  revision: 88f622cea904c0111f0ecd6d303933e635ed945f
  branch: development
  specs:
    vaadin-elements (0.5.0)

GEM
  remote: https://rubygems.org/
  specs:
    rack (1.6.4)
    rack-protection (1.5.3)
      rack
    sinatra (1.4.7)
      rack (~> 1.5)
      rack-protection (~> 1.4)
      tilt (>= 1.3, < 3)
    tilt (2.0.5)

PLATFORMS
  x64-mingw32

DEPENDENCIES
  sinatra
  vaadin-elements!

BUNDLED WITH
   1.11.2
